GEM
  remote: https://rubygems.org/
  specs:
    colorize (0.8.1)
    deep_merge (1.1.1)
    diff-lcs (1.3)
    docker-api (1.31.0)
      excon (>= 0.38.0)
      json
    excon (0.53.0)
    git (1.3.0)
    json (2.0.2)
    jwt (1.5.6)
    parseconfig (1.0.8)
    rspec (3.5.0)
      rspec-core (~> 3.5.0)
      rspec-expectations (~> 3.5.0)
      rspec-mocks (~> 3.5.0)
    rspec-core (3.5.4)
      rspec-support (~> 3.5.0)
    rspec-expectations (3.5.0)
      diff-lcs (>= 1.2.0, < 2.0)
      rspec-support (~> 3.5.0)
    rspec-mocks (3.5.0)
      diff-lcs (>= 1.2.0, < 2.0)
      rspec-support (~> 3.5.0)
    rspec-support (3.5.0)
    terminal-table (1.7.3)
      unicode-display_width (~> 1.1.1)
    thor (0.19.4)
    unicode-display_width (1.1.1)

PLATFORMS
  ruby

DEPENDENCIES
  colorize (~> 0.8.1)
  deep_merge (~> 1.1, >= 1.1.1)
  docker-api (~> 1.29, >= 1.29.2)
  git (~> 1.3)
  jwt (~> 1.5, >= 1.5.6)
  parseconfig (~> 1.0, >= 1.0.8)
  rspec
  terminal-table (~> 1.7, >= 1.7.3)
  thor (~> 0.19.4)

BUNDLED WITH
   1.14.6
